PATH
  remote: .
  specs:
    ctf-party (2.3.0)
      docopt (~> 0.6)

GEM
  remote: https://rubygems.org/
  specs:
    ast (2.4.2)
    commonmarker (0.23.6)
    docopt (0.6.1)
    json (2.6.3)
    minitest (5.17.0)
    minitest-skip (0.0.3)
      minitest (~> 5.0)
    parallel (1.22.1)
    parser (3.1.3.0)
      ast (~> 2.4.1)
    rainbow (3.1.1)
    rake (13.0.6)
    regexp_parser (2.6.1)
    rexml (3.2.5)
    rubocop (1.42.0)
      json (~> 2.3)
      parallel (~> 1.10)
      parser (>= 3.1.2.1)
      rainbow (>= 2.2.2, < 4.0)
      regexp_parser (>= 1.8, < 3.0)
      rexml (>= 3.2.5, < 4.0)
      rubocop-ast (>= 1.24.1, < 2.0)
      ruby-progressbar (~> 1.7)
      unicode-display_width (>= 1.4.0, < 3.0)
    rubocop-ast (1.24.1)
      parser (>= 3.1.1.0)
    ruby-progressbar (1.11.0)
    unicode-display_width (2.3.0)
    webrick (1.7.0)
    yard (0.9.28)
      webrick (~> 1.7.0)

PLATFORMS
  ruby

DEPENDENCIES
  bundler (~> 2.1)
  commonmarker (~> 0.23)
  ctf-party!
  docopt (~> 0.6)
  minitest (~> 5.17)
  minitest-skip (~> 0.0)
  rake (~> 13.0)
  rubocop (~> 1.42)
  yard (>= 0.9.27, < 0.10)

BUNDLED WITH
   2.3.6
