GIT
  remote: https://github.com/ParadoxV5/yard.git
  revision: 9e869c940859570b07b81c5eadd6070e76f6291e
  ref: 9e869c940859570b07b81c5eadd6070e76f6291e
  branch: commonmarker-1.0
  specs:
    yard (0.9.36)

PATH
  remote: .
  specs:
    ctf-party (3.0.0)
      base64 (~> 0.2.0)
      docopt (~> 0.6)
      uri (~> 1.0, >= 1.0.2)

GEM
  remote: https://rubygems.org/
  specs:
    ast (2.4.2)
    base64 (0.2.0)
    cgi (0.4.1)
    commonmarker (2.0.4)
      rb_sys (~> 0.9)
    commonmarker (2.0.4-x86_64-linux)
    docopt (0.6.1)
    json (2.9.1)
    language_server-protocol (3.17.0.3)
    minitest (5.25.4)
    minitest-skip (0.0.3)
      minitest (~> 5.0)
    parallel (1.26.3)
    parser (3.3.7.0)
      ast (~> 2.4.1)
      racc
    racc (1.8.1)
    rainbow (3.1.1)
    rake (13.2.1)
    rb_sys (0.9.108)
    regexp_parser (2.10.0)
    rubocop (1.71.0)
      json (~> 2.3)
      language_server-protocol (>= 3.17.0)
      parallel (~> 1.10)
      parser (>= 3.3.0.2)
      rainbow (>= 2.2.2, < 4.0)
      regexp_parser (>= 2.9.3, < 3.0)
      rubocop-ast (>= 1.36.2, < 2.0)
      ruby-progressbar (~> 1.7)
      unicode-display_width (>= 2.4.0, < 4.0)
    rubocop-ast (1.37.0)
      parser (>= 3.3.1.0)
    ruby-progressbar (1.13.0)
    unicode-display_width (3.1.4)
      unicode-emoji (~> 4.0, >= 4.0.4)
    unicode-emoji (4.0.4)
    uri (1.0.2)

PLATFORMS
  ruby
  x86_64-linux

DEPENDENCIES
  base64 (~> 0.2.0)
  bundler (~> 2.1)
  cgi (~> 0.4.1)
  commonmarker (~> 2.0)
  ctf-party!
  docopt (~> 0.6)
  minitest (~> 5.25)
  minitest-skip (~> 0.0)
  rake (~> 13.2)
  rubocop (~> 1.66)
  uri (~> 1.0, >= 1.0.2)
  yard!

BUNDLED WITH
   2.6.2
