PATH
  remote: .
  specs:
    ctf-party (1.5.0)
      docopt (~> 0.6)

GEM
  remote: https://rubygems.org/
  specs:
    ast (2.4.2)
    commonmarker (0.23.2)
    docopt (0.6.1)
    github-markup (4.0.0)
    minitest (5.14.4)
    minitest-skip (0.0.3)
      minitest (~> 5.0)
    parallel (1.21.0)
    parser (3.0.2.0)
      ast (~> 2.4.1)
    rainbow (3.0.0)
    rake (13.0.6)
    redcarpet (3.5.1)
    regexp_parser (2.1.1)
    rexml (3.2.5)
    rubocop (1.22.2)
      parallel (~> 1.10)
      parser (>= 3.0.0.0)
      rainbow (>= 2.2.2, < 4.0)
      regexp_parser (>= 1.8, < 3.0)
      rexml
      rubocop-ast (>= 1.12.0, < 2.0)
      ruby-progressbar (~> 1.7)
      unicode-display_width (>= 1.4.0, < 3.0)
    rubocop-ast (1.12.0)
      parser (>= 3.0.1.1)
    ruby-progressbar (1.11.0)
    unicode-display_width (2.1.0)
    yard (0.9.26)

PLATFORMS
  ruby

DEPENDENCIES
  bundler (~> 2.1)
  commonmarker (~> 0.20)
  ctf-party!
  github-markup (~> 4.0)
  minitest (~> 5)
  minitest-skip (~> 0.0)
  rake (~> 13.0)
  redcarpet (~> 3.5)
  rubocop (~> 1.8)
  yard (~> 0.9)

BUNDLED WITH
   2.2.15
