PATH
  remote: .
  specs:
    ctf-party (3.0.0)
      docopt (~> 0.6)
      uri (>= 0.12.1, < 0.14.0)

GEM
  remote: https://rubygems.org/
  specs:
    ast (2.4.2)
    cgi (0.4.1)
    commonmarker (0.23.10)
    docopt (0.6.1)
    json (2.7.1)
    language_server-protocol (3.17.0.3)
    minitest (5.22.2)
    minitest-skip (0.0.3)
      minitest (~> 5.0)
    parallel (1.24.0)
    parser (3.3.0.5)
      ast (~> 2.4.1)
      racc
    prism (0.24.0)
    racc (1.7.3)
    rainbow (3.1.1)
    rake (13.1.0)
    regexp_parser (2.9.0)
    rexml (3.2.6)
    rubocop (1.61.0)
      json (~> 2.3)
      language_server-protocol (>= 3.17.0)
      parallel (~> 1.10)
      parser (>= 3.3.0.2)
      rainbow (>= 2.2.2, < 4.0)
      regexp_parser (>= 1.8, < 3.0)
      rexml (>= 3.2.5, < 4.0)
      rubocop-ast (>= 1.30.0, < 2.0)
      ruby-progressbar (~> 1.7)
      unicode-display_width (>= 2.4.0, < 3.0)
    rubocop-ast (1.31.0)
      parser (>= 3.3.0.4)
      prism (>= 0.24.0)
    ruby-progressbar (1.13.0)
    unicode-display_width (2.5.0)
    uri (0.13.0)
    yard (0.9.34)

PLATFORMS
  ruby

DEPENDENCIES
  bundler (~> 2.1)
  cgi (~> 0.4.1)
  commonmarker (~> 0.23)
  ctf-party!
  docopt (~> 0.6)
  minitest (~> 5.22)
  minitest-skip (~> 0.0)
  rake (~> 13.1)
  rubocop (~> 1.61)
  uri (~> 0.13.0)
  yard (>= 0.9.27, < 0.10)

BUNDLED WITH
   2.3.6
