PATH
  remote: .
  specs:
    ctf-party (2.3.0)
      docopt (~> 0.6)
      uri (~> 0.12.1)

GEM
  remote: https://rubygems.org/
  specs:
    ast (2.4.2)
    base64 (0.1.1)
    cgi (0.3.6)
    commonmarker (0.23.10)
    docopt (0.6.1)
    json (2.6.3)
    language_server-protocol (3.17.0.3)
    minitest (5.20.0)
    minitest-skip (0.0.3)
      minitest (~> 5.0)
    parallel (1.23.0)
    parser (3.2.2.4)
      ast (~> 2.4.1)
      racc
    racc (1.7.1)
    rainbow (3.1.1)
    rake (13.0.6)
    regexp_parser (2.8.2)
    rexml (3.2.6)
    rubocop (1.57.1)
      base64 (~> 0.1.1)
      json (~> 2.3)
      language_server-protocol (>= 3.17.0)
      parallel (~> 1.10)
      parser (>= 3.2.2.4)
      rainbow (>= 2.2.2, < 4.0)
      regexp_parser (>= 1.8, < 3.0)
      rexml (>= 3.2.5, < 4.0)
      rubocop-ast (>= 1.28.1, < 2.0)
      ruby-progressbar (~> 1.7)
      unicode-display_width (>= 2.4.0, < 3.0)
    rubocop-ast (1.29.0)
      parser (>= 3.2.1.0)
    ruby-progressbar (1.13.0)
    unicode-display_width (2.5.0)
    uri (0.12.2)
    yard (0.9.34)

PLATFORMS
  ruby

DEPENDENCIES
  bundler (~> 2.1)
  cgi (~> 0.3.3)
  commonmarker (~> 0.23)
  ctf-party!
  docopt (~> 0.6)
  minitest (~> 5.20)
  minitest-skip (~> 0.0)
  rake (~> 13.0)
  rubocop (~> 1.57)
  uri (~> 0.12.2)
  yard (>= 0.9.27, < 0.10)

BUNDLED WITH
   2.3.6
